GEM
  remote: https://rubygems.org/
  specs:
    addressable (2.3.3)
    blankslate (2.1.2.4)
    css_parser (1.2.6)
      addressable
      rdoc
    gli (1.6.0)
    json (1.7.7)
    nokogiri (1.5.6)
    parade (0.9.0)
      blankslate (= 2.1.2.4)
      css_parser
      gli (~> 1.6.0)
      json
      nokogiri
      parslet (= 1.4.0)
      redcarpet
      rouge (~> 0.2.15)
      sinatra (~> 1.3)
    parslet (1.4.0)
      blankslate (~> 2.0)
    pdfkit (0.5.3)
    rack (1.5.2)
    rack-protection (1.4.0)
      rack
    rdoc (4.0.0)
      json (~> 1.4)
    redcarpet (2.2.2)
    rmagick (2.13.2)
    rouge (0.2.15)
      thor
    sinatra (1.3.5)
      rack (~> 1.4)
      rack-protection (~> 1.3)
      tilt (~> 1.3, >= 1.3.3)
    thor (0.17.0)
    tilt (1.3.4)
    wkhtmltopdf-binary (0.9.9.1)

PLATFORMS
  ruby

DEPENDENCIES
  parade
  pdfkit
  rmagick
  wkhtmltopdf-binary
